{
  "bids_meta": {
    "AcquisitionNumber": 1,
    "AcquisitionTime": "19:51:0.000000",
    "ConversionSoftware": "dcm2niix",
    "ConversionSoftwareVersion": "v1.0.20170624 (OpenJPEG build) MSC1900",
    "DeviceSerialNumber": "000000475290MR01",
    "EchoTime": 0.002816,
    "FlipAngle": 9,
    "ImageType": [
      "ORIGINAL",
      "PRIMARY",
      "OTHER"
    ],
    "InstitutionName": "HFR_Hopital_Cantonal_Fribourg",
    "InversionTime": 0.9,
    "MagneticFieldStrength": 3,
    "Manufacturer": "GE",
    "ManufacturersModelName": "DISCOVERY_MR750",
    "PhaseEncodingLines": 256,
    "ProtocolName": "COR_FSPGR_BRAVO",
    "RepetitionTime": 0.007284,
    "ScanningSequence": "GR",
    "SequenceVariant": "SS_SK",
    "SeriesDescription": "COR_FSPGR_BRAVO",
    "SoftwareVersions": "25_LX_MR_Software_release:DV25.0_R01_1451.a",
    "dataset": "<unset>",
    "modality": "T1w",
    "subject_id": "02"
  },
  "cjv": 0.5534271542555292,
  "cnr": 2.3299813028864143,
  "efc": 0.7311353278514023,
  "fber": 5233.085342765477,
  "fwhm_avg": 3.8836388234790173,
  "fwhm_x": 3.8342914805262933,
  "fwhm_y": 4.002010028473106,
  "fwhm_z": 3.8146149614376523,
  "icvs_csf": 0.20463985973589607,
  "icvs_gm": 0.4268802363805834,
  "icvs_wm": 0.36847990388352053,
  "inu_med": 1.1310398578643799,
  "inu_range": 0.21872816085815416,
  "provenance": {
    "md5sum": "d96c6f969cba18504861f199a1cfbeec",
    "settings": {
      "testing": false
    },
    "software": "mriqc",
    "version": "0.16.1",
    "warnings": {
      "large_rot_frame": true,
      "small_air_mask": false
    },
    "webapi_port": null,
    "webapi_url": "https://mriqc.nimh.nih.gov/api/v1"
  },
  "qi_1": 0.0,
  "qi_2": 0.003723646679362167,
  "rpve_csf": 29.783134725410882,
  "rpve_gm": 15.080909618982648,
  "rpve_wm": 20.18053729036837,
  "size_x": 256,
  "size_y": 276,
  "size_z": 256,
  "snr_csf": 4.0597256657322145,
  "snr_gm": 16.503183491209125,
  "snr_total": 13.258583772041495,
  "snr_wm": 19.212842159183143,
  "snrd_csf": 23.194426683708087,
  "snrd_gm": 47.32343542944785,
  "snrd_total": 42.65420747571986,
  "snrd_wm": 57.444760314003645,
  "spacing_x": 0.8593999743461609,
  "spacing_y": 1.000252366065979,
  "spacing_z": 0.8593999743461609,
  "summary_bg_k": 0.6950786305943635,
  "summary_bg_mad": 11.405071410917447,
  "summary_bg_mean": 21.21766508633601,
  "summary_bg_median": 10.231163010001183,
  "summary_bg_n": 1514325.0,
  "summary_bg_p05": 1.2692796215415,
  "summary_bg_p95": 68.38724748790264,
  "summary_bg_stdv": 22.75023613309568,
  "summary_csf_k": 1.0605692468595702,
  "summary_csf_mad": 87.87607522111894,
  "summary_csf_mean": 423.42984334510544,
  "summary_csf_median": 403.7847717255354,
  "summary_csf_n": 50263.0,
  "summary_csf_p05": 298.0114699304104,
  "summary_csf_p95": 619.5623073875904,
  "summary_csf_stdv": 99.46010844872183,
  "summary_gm_k": -0.005635344475060311,
  "summary_gm_mad": 49.09883242399961,
  "summary_gm_mean": 824.6047491701341,
  "summary_gm_median": 823.8394004181027,
  "summary_gm_n": 39745.0,
  "summary_gm_p05": 743.2209129408002,
  "summary_gm_p95": 908.2195711374281,
  "summary_gm_stdv": 49.91940110999412,
  "summary_wm_k": 0.6015026026867125,
  "summary_wm_mad": 48.41452813934457,
  "summary_wm_mean": 1004.2414097788103,
  "summary_wm_median": 1000.0384896993637,
  "summary_wm_n": 292857.0,
  "summary_wm_p05": 926.1510305181146,
  "summary_wm_p95": 1098.273039802909,
  "summary_wm_stdv": 52.05043449733955,
  "tpm_overlap_csf": 0.16904164850711823,
  "tpm_overlap_gm": 0.4406592547893524,
  "tpm_overlap_wm": 0.48669400811195374,
  "wm2max": 0.5472762482108277
}