{
  "bids_meta": {
    "AcquisitionNumber": 1,
    "AcquisitionTime": "19:04:55.000000",
    "ConversionSoftware": "dcm2niix",
    "ConversionSoftwareVersion": "v1.0.20170624 (OpenJPEG build) MSC1900",
    "DeviceSerialNumber": "000000475290MR01",
    "EchoTime": 0.002812,
    "FlipAngle": 9,
    "ImageType": [
      "ORIGINAL",
      "PRIMARY",
      "OTHER"
    ],
    "InstitutionName": "HFR_Hopital_Cantonal_Fribourg",
    "InversionTime": 0.9,
    "MagneticFieldStrength": 3,
    "Manufacturer": "GE",
    "ManufacturersModelName": "DISCOVERY_MR750",
    "PhaseEncodingLines": 256,
    "ProtocolName": "COR_FSPGR_BRAVO",
    "RepetitionTime": 0.007276,
    "ScanningSequence": "GR",
    "SequenceVariant": "SS_SK",
    "SeriesDescription": "COR_FSPGR_BRAVO",
    "SoftwareVersions": "25_LX_MR_Software_release:DV25.0_R01_1451.a",
    "dataset": "<unset>",
    "modality": "T1w",
    "subject_id": "01"
  },
  "cjv": 0.5038888156727189,
  "cnr": 2.5716802039693487,
  "efc": 0.7412284815832938,
  "fber": 6772.732045389255,
  "fwhm_avg": 4.316485909758271,
  "fwhm_x": 4.204596355438723,
  "fwhm_y": 4.498619683200294,
  "fwhm_z": 4.246241690635794,
  "icvs_csf": 0.1848443353996109,
  "icvs_gm": 0.4461573741318191,
  "icvs_wm": 0.36899829046857,
  "inu_med": 1.1259326934814453,
  "inu_range": 0.2610583424568176,
  "provenance": {
    "md5sum": "c504b0c5415a275b23bccf7440922df2",
    "settings": {
      "testing": false
    },
    "software": "mriqc",
    "version": "0.16.1",
    "warnings": {
      "large_rot_frame": true,
      "small_air_mask": false
    },
    "webapi_port": null,
    "webapi_url": "https://mriqc.nimh.nih.gov/api/v1"
  },
  "qi_1": 0.0,
  "qi_2": 0.004355610918720595,
  "rpve_csf": 28.562989710711097,
  "rpve_gm": 13.272669925409941,
  "rpve_wm": 18.183097079907657,
  "size_x": 256,
  "size_y": 276,
  "size_z": 256,
  "snr_csf": 3.1653235010282486,
  "snr_gm": 16.79597877961991,
  "snr_total": 13.116087488540174,
  "snr_wm": 19.386960184972367,
  "snrd_csf": 24.400055574577674,
  "snrd_gm": 48.795032036837576,
  "snrd_total": 44.506568203198576,
  "snrd_wm": 60.32461699818048,
  "spacing_x": 0.8593999743461609,
  "spacing_y": 0.9995377063751221,
  "spacing_z": 0.8593999743461609,
  "summary_bg_k": 0.551448495674387,
  "summary_bg_mad": 10.860640166701693,
  "summary_bg_mean": 21.524607400195592,
  "summary_bg_median": 9.809287242591381,
  "summary_bg_n": 1392373.0,
  "summary_bg_p05": 1.2629983574151993,
  "summary_bg_p95": 68.83341047912836,
  "summary_bg_stdv": 23.31480914561102,
  "summary_csf_k": 50.51959580573268,
  "summary_csf_mad": 79.0829373058106,
  "summary_csf_mean": 426.86610298169734,
  "summary_csf_median": 404.49627393484116,
  "summary_csf_n": 52489.0,
  "summary_csf_p05": 300.0463097766042,
  "summary_csf_p95": 614.4487008824944,
  "summary_csf_stdv": 127.78865118598367,
  "summary_gm_k": 0.16401322801912688,
  "summary_gm_mad": 46.81310416681764,
  "summary_gm_mean": 810.1991554587254,
  "summary_gm_median": 808.908347979188,
  "summary_gm_n": 72317.0,
  "summary_gm_p05": 733.5494459867477,
  "summary_gm_p95": 892.5188392400742,
  "summary_gm_stdv": 48.16050114007766,
  "summary_wm_k": 0.40920890940013654,
  "summary_wm_mad": 49.49705547238185,
  "summary_wm_mean": 1002.2202937556902,
  "summary_wm_median": 1000.0420994013548,
  "summary_wm_n": 362660.0,
  "summary_wm_p05": 921.7783011868596,
  "summary_wm_p95": 1090.7674814090133,
  "summary_wm_stdv": 51.5831626567078,
  "tpm_overlap_csf": 0.1754668653011322,
  "tpm_overlap_gm": 0.4578931927680969,
  "tpm_overlap_wm": 0.5164310932159424,
  "wm2max": 0.554442966178839
}