{
  "bids_meta": {
    "AcquisitionNumber": 1,
    "AcquisitionTime": "19:31:29.000000",
    "ConversionSoftware": "dcm2niix",
    "ConversionSoftwareVersion": "v1.0.20170624 (OpenJPEG build) MSC1900",
    "DeviceSerialNumber": "000000475290MR01",
    "EchoTime": 0.002804,
    "FlipAngle": 9,
    "ImageType": [
      "ORIGINAL",
      "PRIMARY",
      "OTHER"
    ],
    "InstitutionName": "HFR_Hopital_Cantonal_Fribourg",
    "InversionTime": 0.9,
    "MagneticFieldStrength": 3,
    "Manufacturer": "GE",
    "ManufacturersModelName": "DISCOVERY_MR750",
    "PhaseEncodingLines": 256,
    "ProtocolName": "COR_FSPGR_BRAVO",
    "RepetitionTime": 0.007264,
    "ScanningSequence": "GR",
    "SequenceVariant": "SS_SK",
    "SeriesDescription": "COR_FSPGR_BRAVO",
    "SoftwareVersions": "25_LX_MR_Software_release:DV25.0_R01_1451.a",
    "dataset": "<unset>",
    "modality": "T1w",
    "subject_id": "15"
  },
  "cjv": 0.4905057807018533,
  "cnr": 2.5844202273703973,
  "efc": 0.7222068094041977,
  "fber": 3795.4181579663864,
  "fwhm_avg": 4.277128948379924,
  "fwhm_x": 4.228066218834222,
  "fwhm_y": 4.472775937028929,
  "fwhm_z": 4.130544689276622,
  "icvs_csf": 0.18086156203059753,
  "icvs_gm": 0.4410095804431712,
  "icvs_wm": 0.3781288575262313,
  "inu_med": 1.0854365825653076,
  "inu_range": 0.18771624565124512,
  "provenance": {
    "md5sum": "a1da58bd24ef8073861a0322bd77630c",
    "settings": {
      "testing": false
    },
    "software": "mriqc",
    "version": "0.16.1",
    "warnings": {
      "large_rot_frame": true,
      "small_air_mask": false
    },
    "webapi_port": null,
    "webapi_url": "https://mriqc.nimh.nih.gov/api/v1"
  },
  "qi_1": 0.0,
  "qi_2": 0.004189024168609318,
  "rpve_csf": 34.817750959404094,
  "rpve_gm": 15.864369154110555,
  "rpve_wm": 21.12464881162908,
  "size_x": 256,
  "size_y": 276,
  "size_z": 256,
  "snr_csf": 4.436113613529569,
  "snr_gm": 16.51395511970896,
  "snr_total": 14.851940695246492,
  "snr_wm": 23.60575335250095,
  "snrd_csf": 21.14309676928513,
  "snrd_gm": 37.08910170180427,
  "snrd_total": 34.500494323267986,
  "snrd_wm": 45.26928449871456,
  "spacing_x": 0.8593999743461609,
  "spacing_y": 1.000061273574829,
  "spacing_z": 0.8593999743461609,
  "summary_bg_k": 0.11349137327538861,
  "summary_bg_mad": 14.471983932653067,
  "summary_bg_mean": 24.378310489490303,
  "summary_bg_median": 12.193062085658312,
  "summary_bg_n": 1546946.0,
  "summary_bg_p05": 1.215928629040718,
  "summary_bg_p95": 73.7325610332191,
  "summary_bg_stdv": 25.15454633339865,
  "summary_csf_k": -0.20930224123489216,
  "summary_csf_mad": 107.01255939127891,
  "summary_csf_mean": 485.4116364070114,
  "summary_csf_median": 467.05169673264027,
  "summary_csf_n": 41589.0,
  "summary_csf_p05": 341.87184437289835,
  "summary_csf_p95": 675.2524538196623,
  "summary_csf_stdv": 105.28271417295849,
  "summary_gm_k": 0.015098508756914875,
  "summary_gm_mad": 48.824167246839934,
  "summary_gm_mean": 820.3554219957967,
  "summary_gm_median": 819.2994654066861,
  "summary_gm_n": 52270.0,
  "summary_gm_p05": 739.892570771277,
  "summary_gm_p95": 904.9211063683033,
  "summary_gm_stdv": 49.612077920994665,
  "summary_wm_k": 0.6024196897220424,
  "summary_wm_mad": 39.810474832038715,
  "summary_wm_mean": 1003.0182617616804,
  "summary_wm_median": 999.9999700002372,
  "summary_wm_n": 315015.0,
  "summary_wm_p05": 938.8320048004389,
  "summary_wm_p95": 1077.7180748730898,
  "summary_wm_stdv": 42.36248544328171,
  "tpm_overlap_csf": 0.16139306128025055,
  "tpm_overlap_gm": 0.4597878158092499,
  "tpm_overlap_wm": 0.5146316885948181,
  "wm2max": 0.5708473922683891
}