{
	"Manufacturer": "GE",
	"ManufacturersModelName": "DISCOVERY_MR750",
	"AcquisitionNumber": 1,
	"InstitutionName": "HFR_Hopital_Cantonal_Fribourg",
	"DeviceSerialNumber": "000000475290MR01",
	"SoftwareVersions": "25_LX_MR_Software_release:DV25.0_R01_1451.a",
	"ScanningSequence": "EP_SE",
	"SequenceVariant": "NONE",
	"SeriesDescription": "Ax_DTI_30",
	"ProtocolName": "Ax_DTI_30",
	"ImageType": ["ORIGINAL", "PRIMARY", "OTHER"],
	"AcquisitionTime": "12:51:26.000000",
	"MagneticFieldStrength": 3,
	"FlipAngle": 90,
	"EchoTime": 0.087,
	"RepetitionTime": 8,
	"PhaseEncodingLines": 128,
	"ConversionSoftware": "dcm2niix",
	"ConversionSoftwareVersion": "v1.0.20170624 (OpenJPEG build) MSC1900"
}
