{
  "bids_meta": {
    "AcquisitionNumber": 1,
    "AcquisitionTime": "20:23:56.000000",
    "ConversionSoftware": "dcm2niix",
    "ConversionSoftwareVersion": "v1.0.20170624 (OpenJPEG build) MSC1900",
    "DeviceSerialNumber": "000000475290MR01",
    "EchoTime": 0.002804,
    "FlipAngle": 9,
    "ImageType": [
      "ORIGINAL",
      "PRIMARY",
      "OTHER"
    ],
    "InstitutionName": "HFR_Hopital_Cantonal_Fribourg",
    "InversionTime": 0.9,
    "MagneticFieldStrength": 3,
    "Manufacturer": "GE",
    "ManufacturersModelName": "DISCOVERY_MR750",
    "PhaseEncodingLines": 256,
    "ProtocolName": "COR_FSPGR_BRAVO",
    "RepetitionTime": 0.007276,
    "ScanningSequence": "GR",
    "SequenceVariant": "SS_SK",
    "SeriesDescription": "COR_FSPGR_BRAVO",
    "SoftwareVersions": "25_LX_MR_Software_release:DV25.0_R01_1451.a",
    "dataset": "<unset>",
    "modality": "T1w",
    "subject_id": "12"
  },
  "cjv": 0.44500178445078653,
  "cnr": 2.952509929401149,
  "efc": 0.7260063099523067,
  "fber": 7582.339205237738,
  "fwhm_avg": 4.144622685142922,
  "fwhm_x": 4.070665702150574,
  "fwhm_y": 4.40521992188717,
  "fwhm_z": 3.957982431391022,
  "icvs_csf": 0.16255284342586612,
  "icvs_gm": 0.4241558510803672,
  "icvs_wm": 0.4132913054937667,
  "inu_med": 0.9955905675888062,
  "inu_range": 0.17067922353744502,
  "provenance": {
    "md5sum": "a0a42b597d096511ccf139e82b1a6220",
    "settings": {
      "testing": false
    },
    "software": "mriqc",
    "version": "0.16.1",
    "warnings": {
      "large_rot_frame": true,
      "small_air_mask": false
    },
    "webapi_port": null,
    "webapi_url": "https://mriqc.nimh.nih.gov/api/v1"
  },
  "qi_1": 0.0,
  "qi_2": 0.004468462287311691,
  "rpve_csf": 32.37050035672848,
  "rpve_gm": 14.108067344070399,
  "rpve_wm": 17.45266145182814,
  "size_x": 256,
  "size_y": 276,
  "size_z": 256,
  "snr_csf": 4.039509965945923,
  "snr_gm": 16.094475154767366,
  "snr_total": 15.371087550773586,
  "snr_wm": 25.97927753160747,
  "snrd_csf": 47.70634384657048,
  "snrd_gm": 76.28256277910472,
  "snrd_total": 72.83474412751669,
  "snrd_wm": 94.51532575687487,
  "spacing_x": 0.8593999743461609,
  "spacing_y": 0.9998047947883606,
  "spacing_z": 0.8593999743461609,
  "summary_bg_k": 1.1182594163504005,
  "summary_bg_mad": 6.93153588032287,
  "summary_bg_mean": 15.060372350656403,
  "summary_bg_median": 6.976911395788193,
  "summary_bg_n": 1249004.0,
  "summary_bg_p05": 1.1508307456970215,
  "summary_bg_p95": 50.636552810668945,
  "summary_bg_stdv": 16.509949142069335,
  "summary_csf_k": 0.0533022396954812,
  "summary_csf_mad": 146.89524115607313,
  "summary_csf_mean": 511.7136533542261,
  "summary_csf_median": 504.747172370553,
  "summary_csf_n": 29242.0,
  "summary_csf_p05": 321.5169359251857,
  "summary_csf_p95": 701.3234491199255,
  "summary_csf_stdv": 124.95043855184471,
  "summary_gm_k": 0.22531460311117169,
  "summary_gm_mad": 48.094195108086375,
  "summary_gm_mean": 809.6265275321073,
  "summary_gm_median": 807.0919873416424,
  "summary_gm_n": 56684.0,
  "summary_gm_p05": 730.8494504392147,
  "summary_gm_p95": 896.9287124276161,
  "summary_gm_stdv": 50.146703159123014,
  "summary_wm_k": 0.2672360446654092,
  "summary_wm_mad": 37.750210794373785,
  "summary_wm_mean": 1002.1215184812513,
  "summary_wm_median": 999.9999910891056,
  "summary_wm_n": 416969.0,
  "summary_wm_p05": 942.5303807258606,
  "summary_wm_p95": 1068.5463473796844,
  "summary_wm_stdv": 38.49217095209233,
  "tpm_overlap_csf": 0.15607629716396332,
  "tpm_overlap_gm": 0.43257054686546326,
  "tpm_overlap_wm": 0.5028076171875,
  "wm2max": 0.5701806549510939
}