{
	"Manufacturer": "GE",
	"ManufacturersModelName": "DISCOVERY_MR750",
	"AcquisitionNumber": 1,
	"InstitutionName": "HFR_Hopital_Cantonal_Fribourg",
	"DeviceSerialNumber": "000000475290MR01",
	"SoftwareVersions": "25_LX_MR_Software_release:DV25.0_R01_1451.a",
	"ScanningSequence": "GR",
	"SequenceVariant": "SS_SK",
	"SeriesDescription": "COR_FSPGR_BRAVO",
	"ProtocolName": "COR_FSPGR_BRAVO",
	"ImageType": ["ORIGINAL", "PRIMARY", "OTHER"],
	"AcquisitionTime": "19:31:29.000000",
	"MagneticFieldStrength": 3,
	"FlipAngle": 9,
	"EchoTime": 0.002804,
	"RepetitionTime": 0.007264,
	"InversionTime": 0.9,
	"PhaseEncodingLines": 256,
	"ConversionSoftware": "dcm2niix",
	"ConversionSoftwareVersion": "v1.0.20170624 (OpenJPEG build) MSC1900"
}
