{
  "bids_meta": {
    "AcquisitionNumber": 1,
    "AcquisitionTime": "11:32:10.000000",
    "ConversionSoftware": "dcm2niix",
    "ConversionSoftwareVersion": "v1.0.20170624 (OpenJPEG build) MSC1900",
    "DeviceSerialNumber": "000000475290MR01",
    "EchoTime": 0.002796,
    "FlipAngle": 9,
    "ImageType": [
      "ORIGINAL",
      "PRIMARY",
      "OTHER"
    ],
    "InstitutionName": "HFR_Hopital_Cantonal_Fribourg",
    "InversionTime": 0.9,
    "MagneticFieldStrength": 3,
    "Manufacturer": "GE",
    "ManufacturersModelName": "DISCOVERY_MR750",
    "PhaseEncodingLines": 256,
    "ProtocolName": "COR_FSPGR_BRAVO",
    "RepetitionTime": 0.007248,
    "ScanningSequence": "GR",
    "SequenceVariant": "SS_SK",
    "SeriesDescription": "COR_FSPGR_BRAVO",
    "SoftwareVersions": "25_LX_MR_Software_release:DV25.0_R01_1451.a",
    "dataset": "<unset>",
    "modality": "T1w",
    "subject_id": "04"
  },
  "cjv": 0.48855566355740154,
  "cnr": 2.6710293392081548,
  "efc": 0.744920985759348,
  "fber": 3159.6919105732636,
  "fwhm_avg": 4.159591404756895,
  "fwhm_x": 4.13855027480766,
  "fwhm_y": 4.309644345095048,
  "fwhm_z": 4.030579594367978,
  "icvs_csf": 0.18683181932339765,
  "icvs_gm": 0.42418787792286927,
  "icvs_wm": 0.388980302753733,
  "inu_med": 1.1115574836730957,
  "inu_range": 0.22396011352539058,
  "provenance": {
    "md5sum": "227c701637a0aaee5a12672362fd5efc",
    "settings": {
      "testing": false
    },
    "software": "mriqc",
    "version": "0.16.1",
    "warnings": {
      "large_rot_frame": true,
      "small_air_mask": false
    },
    "webapi_port": null,
    "webapi_url": "https://mriqc.nimh.nih.gov/api/v1"
  },
  "qi_1": 0.0,
  "qi_2": 0.0036718623302089957,
  "rpve_csf": 30.27360908561209,
  "rpve_gm": 14.53258140774467,
  "rpve_wm": 18.674145626679,
  "size_x": 256,
  "size_y": 276,
  "size_z": 256,
  "snr_csf": 4.241495448944845,
  "snr_gm": 15.080108748126964,
  "snr_total": 13.88550547294559,
  "snr_wm": 22.334912221764966,
  "snrd_csf": 24.741324674775523,
  "snrd_gm": 49.22368549267934,
  "snrd_total": 45.02134607984573,
  "snrd_wm": 61.09902807208231,
  "spacing_x": 0.8593999743461609,
  "spacing_y": 0.9994096159934998,
  "spacing_z": 0.8593999743461609,
  "summary_bg_k": 1.2734956845090704,
  "summary_bg_mad": 10.722533564810428,
  "summary_bg_mean": 19.211875567354255,
  "summary_bg_median": 10.36060282588005,
  "summary_bg_n": 1233127.0,
  "summary_bg_p05": 1.3118945136666298,
  "summary_bg_p95": 65.25834247469902,
  "summary_bg_stdv": 20.888759471994124,
  "summary_csf_k": 2.2232381986521697,
  "summary_csf_mad": 81.59099959083656,
  "summary_csf_mean": 422.33939556026604,
  "summary_csf_median": 404.9381065517664,
  "summary_csf_n": 45467.0,
  "summary_csf_p05": 299.1758619256318,
  "summary_csf_p95": 606.8353083729744,
  "summary_csf_stdv": 95.46954801731381,
  "summary_gm_k": 0.09975204703211693,
  "summary_gm_mad": 52.066628100753896,
  "summary_gm_mean": 806.9135669549488,
  "summary_gm_median": 805.6377846747637,
  "summary_gm_n": 49793.0,
  "summary_gm_p05": 720.0282580778003,
  "summary_gm_p95": 897.1676557436585,
  "summary_gm_stdv": 53.423334554155744,
  "summary_wm_k": 0.4399290168905057,
  "summary_wm_mad": 42.89013425924171,
  "summary_wm_mean": 1001.4485107645148,
  "summary_wm_median": 1000.0000026226044,
  "summary_wm_n": 373829.0,
  "summary_wm_p05": 930.1668485105038,
  "summary_wm_p95": 1076.6146422207348,
  "summary_wm_stdv": 44.77289434508253,
  "tpm_overlap_csf": 0.18085484206676483,
  "tpm_overlap_gm": 0.4448217451572418,
  "tpm_overlap_wm": 0.5128186345100403,
  "wm2max": 0.625944447746065
}