{
  "bids_meta": {
    "AcquisitionNumber": 1,
    "AcquisitionTime": "13:35:22.000000",
    "ConversionSoftware": "dcm2niix",
    "ConversionSoftwareVersion": "v1.0.20170624 (OpenJPEG build) MSC1900",
    "DeviceSerialNumber": "000000475290MR01",
    "EchoTime": 0.002816,
    "FlipAngle": 9,
    "ImageType": [
      "ORIGINAL",
      "PRIMARY",
      "OTHER"
    ],
    "InstitutionName": "HFR_Hopital_Cantonal_Fribourg",
    "InversionTime": 0.9,
    "MagneticFieldStrength": 3,
    "Manufacturer": "GE",
    "ManufacturersModelName": "DISCOVERY_MR750",
    "PhaseEncodingLines": 256,
    "ProtocolName": "COR_FSPGR_BRAVO",
    "RepetitionTime": 0.007316,
    "ScanningSequence": "GR",
    "SequenceVariant": "SS_SK",
    "SeriesDescription": "COR_FSPGR_BRAVO",
    "SoftwareVersions": "25_LX_MR_Software_release:DV25.0_R01_1451.a",
    "dataset": "<unset>",
    "modality": "T1w",
    "subject_id": "07"
  },
  "cjv": 0.3951932077777845,
  "cnr": 3.2744550921763125,
  "efc": 0.7225347697122685,
  "fber": 6840.950249443762,
  "fwhm_avg": 4.01697477721476,
  "fwhm_x": 3.896090411856733,
  "fwhm_y": 4.267668339474866,
  "fwhm_z": 3.8871655803126837,
  "icvs_csf": 0.18794417236335767,
  "icvs_gm": 0.4347453265875418,
  "icvs_wm": 0.3773105010491005,
  "inu_med": 1.101761817932129,
  "inu_range": 0.15916397571563712,
  "provenance": {
    "md5sum": "15fa8e9e59f382c441bcbc5091cbcfcb",
    "settings": {
      "testing": false
    },
    "software": "mriqc",
    "version": "0.16.1",
    "warnings": {
      "large_rot_frame": true,
      "small_air_mask": false
    },
    "webapi_port": null,
    "webapi_url": "https://mriqc.nimh.nih.gov/api/v1"
  },
  "qi_1": 0.0,
  "qi_2": 0.005183719731146214,
  "rpve_csf": 31.076960830058514,
  "rpve_gm": 14.736661687524899,
  "rpve_wm": 19.622208028300495,
  "size_x": 256,
  "size_y": 276,
  "size_z": 256,
  "snr_csf": 4.290367669559387,
  "snr_gm": 17.082139611549742,
  "snr_total": 15.501524266381002,
  "snr_wm": 25.132065518033876,
  "snrd_csf": 34.7042857373464,
  "snrd_gm": 72.7919425471479,
  "snrd_total": 66.58689715923074,
  "snrd_wm": 92.26446319319793,
  "spacing_x": 0.8593999743461609,
  "spacing_y": 1.0005065202713013,
  "spacing_z": 0.8593999743461609,
  "summary_bg_k": 1.0435902633811587,
  "summary_bg_mad": 7.100635943534408,
  "summary_bg_mean": 18.102614658497625,
  "summary_bg_median": 7.970263242721558,
  "summary_bg_n": 1205341.0,
  "summary_bg_p05": 1.608349084854126,
  "summary_bg_p95": 63.083025217056274,
  "summary_bg_stdv": 20.928729028520547,
  "summary_csf_k": 2.333064605398733,
  "summary_csf_mad": 71.96017620387855,
  "summary_csf_mean": 396.1726657989837,
  "summary_csf_median": 376.13923931121826,
  "summary_csf_n": 48749.0,
  "summary_csf_p05": 290.68229126930237,
  "summary_csf_p95": 572.5937188625335,
  "summary_csf_stdv": 87.66973144112218,
  "summary_gm_k": 0.29707015220138944,
  "summary_gm_mad": 44.61742883922367,
  "summary_gm_mean": 789.6805460303816,
  "summary_gm_median": 788.9488377571106,
  "summary_gm_n": 42693.0,
  "summary_gm_p05": 715.6653052330016,
  "summary_gm_p95": 867.5434963703156,
  "summary_gm_stdv": 46.185057367056636,
  "summary_wm_k": 0.43156592709603325,
  "summary_wm_mad": 38.788548587068554,
  "summary_wm_mean": 1000.9564394425729,
  "summary_wm_median": 999.9999787807465,
  "summary_wm_n": 330307.0,
  "summary_wm_p05": 937.8104808330536,
  "summary_wm_p95": 1067.0860061645508,
  "summary_wm_stdv": 39.78974447280484,
  "tpm_overlap_csf": 0.16860699653625488,
  "tpm_overlap_gm": 0.4353722929954529,
  "tpm_overlap_wm": 0.5022345781326294,
  "wm2max": 0.5778393477947074
}