{
    "InstitutionAddress": "Rue de Faucigny 2, CH-1700 Fribourg, Switzerland",
    "InstitutionName": "University of Fribourg",
    "PowerLineFrequency": 50,
    "ManufacturersModelName": "ActiveTwo",
    "EEGReference": "CMS/DRL",
    "Manufacturer": "Biosemi",
    "EEGChannelCount": 128,
    "MiscChannelCount": 0,
    "RecordingType": "continuous",
    "SamplingFrequency": 2048,
    "EOGChannelCount": 0,
    "ECGChannelCount": 0,
    "EMGChannelCount": 0,
    "SoftwareFilters": "n/a",
    "TaskName": "faces"
}