{
    "InstitutionAddress": "Rue de Faucigny 2, CH-1700 Fribourg, Switzerland",
    "InstitutionName": "University of Fribourg",
    "InstitutionalDepartmentName": "Perceptual Networks, Department of Psychology",
    "PowerLineFrequency": 50,
    "ManufacturersModelName": "ActiveTwo",
    "EEGReference": "CMS/DRL",
    "Manufacturer": "BIOSEMI",
    "EEGChannelCount": 128,
    "MiscChannelCount": 0,
    "RecordingType": "continuous",
    "SamplingFrequency": 2048,
    "EOGChannelCount": 0,
    "ECGChannelCount": 0,
    "EMGChannelCount": 0,
    "SoftwareFilters": "n/a",
    "TaskName": "faces",
    "PropChanRem": 0.1484375,
    "PropEpoRem": 0.0316666666666666,
    "PropIcaRem": 0.0272727272727272
}