{
  "bids_meta": {
    "AcquisitionNumber": 1,
    "AcquisitionTime": "20:13:17.000000",
    "ConversionSoftware": "dcm2niix",
    "ConversionSoftwareVersion": "v1.0.20170624 (OpenJPEG build) MSC1900",
    "DeviceSerialNumber": "000000475290MR01",
    "EchoTime": 0.002804,
    "FlipAngle": 9,
    "ImageType": [
      "ORIGINAL",
      "PRIMARY",
      "OTHER"
    ],
    "InstitutionName": "HFR_Hopital_Cantonal_Fribourg",
    "InversionTime": 0.9,
    "MagneticFieldStrength": 3,
    "Manufacturer": "GE",
    "ManufacturersModelName": "DISCOVERY_MR750",
    "PhaseEncodingLines": 256,
    "ProtocolName": "COR_FSPGR_BRAVO",
    "RepetitionTime": 0.007264,
    "ScanningSequence": "GR",
    "SequenceVariant": "SS_SK",
    "SeriesDescription": "COR_FSPGR_BRAVO",
    "SoftwareVersions": "25_LX_MR_Software_release:DV25.0_R01_1451.a",
    "dataset": "<unset>",
    "modality": "T1w",
    "subject_id": "16"
  },
  "cjv": 0.41008146469303886,
  "cnr": 3.0896036358131496,
  "efc": 0.7093466054767308,
  "fber": 5418.0273637517,
  "fwhm_avg": 4.132322521057106,
  "fwhm_x": 3.966162557304278,
  "fwhm_y": 4.445594274850104,
  "fwhm_z": 3.9852107310169362,
  "icvs_csf": 0.18894350145358838,
  "icvs_gm": 0.44111527698316677,
  "icvs_wm": 0.3699412215632448,
  "inu_med": 1.1036312580108643,
  "inu_range": 0.189926242828369,
  "provenance": {
    "md5sum": "d57c60600c47a640cbba785e35844313",
    "settings": {
      "testing": false
    },
    "software": "mriqc",
    "version": "0.16.1",
    "warnings": {
      "large_rot_frame": true,
      "small_air_mask": false
    },
    "webapi_port": null,
    "webapi_url": "https://mriqc.nimh.nih.gov/api/v1"
  },
  "qi_1": 0.0,
  "qi_2": 0.004665246939194233,
  "rpve_csf": 34.98270072467572,
  "rpve_gm": 16.632797115543745,
  "rpve_wm": 22.799391033848075,
  "size_x": 256,
  "size_y": 276,
  "size_z": 256,
  "snr_csf": 4.314921729300642,
  "snr_gm": 16.601733661443745,
  "snr_total": 15.471477650166932,
  "snr_wm": 25.497777559756408,
  "snrd_csf": 33.94975932796516,
  "snrd_gm": 57.353093143289804,
  "snrd_total": 54.37586879531907,
  "snrd_wm": 71.82475391470226,
  "spacing_x": 0.8593999743461609,
  "spacing_y": 1.0005838871002197,
  "spacing_z": 0.8593999743461609,
  "summary_bg_k": 1.2028474896589065,
  "summary_bg_mad": 9.121317791953032,
  "summary_bg_mean": 18.237717113941383,
  "summary_bg_median": 9.228353038430214,
  "summary_bg_n": 1232847.0,
  "summary_bg_p05": 1.538058839738369,
  "summary_bg_p95": 61.816875495016575,
  "summary_bg_stdv": 20.0338107341312,
  "summary_csf_k": -0.3249223799792871,
  "summary_csf_mad": 126.00033141330863,
  "summary_csf_mean": 483.0953128795939,
  "summary_csf_median": 472.67493364214897,
  "summary_csf_n": 38689.0,
  "summary_csf_p05": 324.3995165601373,
  "summary_csf_p95": 662.3994002223014,
  "summary_csf_stdv": 109.54285027823434,
  "summary_gm_k": 0.27366756489418353,
  "summary_gm_mad": 46.33435367720822,
  "summary_gm_mean": 800.242372598162,
  "summary_gm_median": 798.5143350735307,
  "summary_gm_n": 46308.0,
  "summary_gm_p05": 723.6730464249849,
  "summary_gm_p95": 881.8967589810491,
  "summary_gm_stdv": 48.09773060666662,
  "summary_wm_k": 1.1822648863559753,
  "summary_wm_mad": 36.29120057649398,
  "summary_wm_mean": 1001.7646949280079,
  "summary_wm_median": 1000.000043079257,
  "summary_wm_n": 294017.0,
  "summary_wm_p05": 941.3574592322111,
  "summary_wm_p95": 1067.2164868414402,
  "summary_wm_stdv": 39.21903939087278,
  "tpm_overlap_csf": 0.17122673988342285,
  "tpm_overlap_gm": 0.46701982617378235,
  "tpm_overlap_wm": 0.5204378366470337,
  "wm2max": 0.6156666800983197
}