{
  "bids_meta": {
    "AcquisitionNumber": 1,
    "AcquisitionTime": "14:57:38.000000",
    "ConversionSoftware": "dcm2niix",
    "ConversionSoftwareVersion": "v1.0.20170624 (OpenJPEG build) MSC1900",
    "DeviceSerialNumber": "000000475290MR01",
    "EchoTime": 0.002812,
    "FlipAngle": 9,
    "ImageType": [
      "ORIGINAL",
      "PRIMARY",
      "OTHER"
    ],
    "InstitutionName": "HFR_Hopital_Cantonal_Fribourg",
    "InversionTime": 0.9,
    "MagneticFieldStrength": 3,
    "Manufacturer": "GE",
    "ManufacturersModelName": "DISCOVERY_MR750",
    "PhaseEncodingLines": 256,
    "ProtocolName": "COR_FSPGR_BRAVO",
    "RepetitionTime": 0.007312,
    "ScanningSequence": "GR",
    "SequenceVariant": "SS_SK",
    "SeriesDescription": "COR_FSPGR_BRAVO",
    "SoftwareVersions": "25_LX_MR_Software_release:DV25.0_R01_1451.a",
    "dataset": "<unset>",
    "modality": "T1w",
    "subject_id": "09"
  },
  "cjv": 0.47524113956382097,
  "cnr": 2.6910693810563564,
  "efc": 0.7278610495741203,
  "fber": 2646.883049572112,
  "fwhm_avg": 3.893377839678459,
  "fwhm_x": 3.8169538025593654,
  "fwhm_y": 4.1041267767108955,
  "fwhm_z": 3.7590529397651142,
  "icvs_csf": 0.1725378335608044,
  "icvs_gm": 0.4741277850077683,
  "icvs_wm": 0.3533343814314273,
  "inu_med": 1.1886225938796997,
  "inu_range": 0.21525782346725442,
  "provenance": {
    "md5sum": "7ef2e61a0f223c5cfdab1ee284822ae2",
    "settings": {
      "testing": false
    },
    "software": "mriqc",
    "version": "0.16.1",
    "warnings": {
      "large_rot_frame": true,
      "small_air_mask": false
    },
    "webapi_port": null,
    "webapi_url": "https://mriqc.nimh.nih.gov/api/v1"
  },
  "qi_1": 0.0,
  "qi_2": 0.005319582462210954,
  "rpve_csf": 41.79369743218404,
  "rpve_gm": 17.723804370085087,
  "rpve_wm": 25.998737289825215,
  "size_x": 256,
  "size_y": 276,
  "size_z": 256,
  "snr_csf": 4.420141021698925,
  "snr_gm": 16.917941531804043,
  "snr_total": 14.772628771224655,
  "snr_wm": 22.979803760171002,
  "snrd_csf": 16.131535705032434,
  "snrd_gm": 30.679892689994944,
  "snrd_total": 28.239217466136044,
  "snrd_wm": 37.90622400338076,
  "spacing_x": 0.8593999743461609,
  "spacing_y": 1.0001250505447388,
  "spacing_z": 0.8593999743461609,
  "summary_bg_k": -0.10961324125405181,
  "summary_bg_mad": 17.282439850560486,
  "summary_bg_mean": 29.541727896238424,
  "summary_bg_median": 15.591936260461807,
  "summary_bg_n": 1267953.0,
  "summary_bg_p05": 1.967553861439228,
  "summary_bg_p95": 86.312504298985,
  "summary_bg_stdv": 28.913410256269795,
  "summary_csf_k": 0.8800906772237096,
  "summary_csf_mad": 87.01763504374564,
  "summary_csf_mean": 442.88814052935084,
  "summary_csf_median": 425.5484889373183,
  "summary_csf_n": 26493.0,
  "summary_csf_p05": 317.18453192710876,
  "summary_csf_p95": 628.2213861286639,
  "summary_csf_stdv": 96.27304998511357,
  "summary_gm_k": -0.02927145595384495,
  "summary_gm_mad": 47.93950671922989,
  "summary_gm_mean": 811.3085993430118,
  "summary_gm_median": 809.3328628912568,
  "summary_gm_n": 55255.0,
  "summary_gm_p05": 736.0136388093233,
  "summary_gm_p95": 893.1209584623575,
  "summary_gm_stdv": 47.83829863226198,
  "summary_wm_k": 0.7011182076386944,
  "summary_wm_mad": 42.65570345281649,
  "summary_wm_mean": 1001.9182055002591,
  "summary_wm_median": 999.9628455042839,
  "summary_wm_n": 236140.0,
  "summary_wm_p05": 934.6994551569223,
  "summary_wm_p95": 1074.0616663992405,
  "summary_wm_stdv": 43.51476359976024,
  "tpm_overlap_csf": 0.16457021236419678,
  "tpm_overlap_gm": 0.4584726393222809,
  "tpm_overlap_wm": 0.5048537254333496,
  "wm2max": 0.5545239320638189
}