{
  "bids_meta": {
    "AcquisitionNumber": 1,
    "AcquisitionTime": "20:51:6.000000",
    "ConversionSoftware": "dcm2niix",
    "ConversionSoftwareVersion": "v1.0.20170624 (OpenJPEG build) MSC1900",
    "DeviceSerialNumber": "000000475290MR01",
    "EchoTime": 0.002812,
    "FlipAngle": 9,
    "ImageType": [
      "ORIGINAL",
      "PRIMARY",
      "OTHER"
    ],
    "InstitutionName": "HFR_Hopital_Cantonal_Fribourg",
    "InversionTime": 0.9,
    "MagneticFieldStrength": 3,
    "Manufacturer": "GE",
    "ManufacturersModelName": "DISCOVERY_MR750",
    "PhaseEncodingLines": 256,
    "ProtocolName": "COR_FSPGR_BRAVO",
    "RepetitionTime": 0.007292,
    "ScanningSequence": "GR",
    "SequenceVariant": "SS_SK",
    "SeriesDescription": "COR_FSPGR_BRAVO",
    "SoftwareVersions": "25_LX_MR_Software_release:DV25.0_R01_1451.a",
    "dataset": "<unset>",
    "modality": "T1w",
    "subject_id": "17"
  },
  "cjv": 0.39986344261445045,
  "cnr": 3.206310041192477,
  "efc": 0.7123103030026089,
  "fber": 7176.422508401597,
  "fwhm_avg": 3.9638700576708725,
  "fwhm_x": 3.858052244558822,
  "fwhm_y": 4.176948551054637,
  "fwhm_z": 3.856609377399158,
  "icvs_csf": 0.16918929719704903,
  "icvs_gm": 0.4618093110620866,
  "icvs_wm": 0.3690013917408644,
  "inu_med": 1.106601595878601,
  "inu_range": 0.18627870082855225,
  "provenance": {
    "md5sum": "ffb99d2e15f385701126bde71474d511",
    "settings": {
      "testing": false
    },
    "software": "mriqc",
    "version": "0.16.1",
    "warnings": {
      "large_rot_frame": true,
      "small_air_mask": false
    },
    "webapi_port": null,
    "webapi_url": "https://mriqc.nimh.nih.gov/api/v1"
  },
  "qi_1": 0.0,
  "qi_2": 0.003931999674304266,
  "rpve_csf": 35.134588566182934,
  "rpve_gm": 14.948698907142212,
  "rpve_wm": 20.958133558449312,
  "size_x": 256,
  "size_y": 276,
  "size_z": 256,
  "snr_csf": 4.053771990489288,
  "snr_gm": 17.779451990367903,
  "snr_total": 15.621594990988697,
  "snr_wm": 25.0315609921089,
  "snrd_csf": 34.19103127361667,
  "snrd_gm": 64.24750336539742,
  "snrd_total": 59.64479237241193,
  "snrd_wm": 80.49584247822168,
  "spacing_x": 0.8593999743461609,
  "spacing_y": 0.9999309182167053,
  "spacing_z": 0.8593999743461609,
  "summary_bg_k": 1.2155778192254436,
  "summary_bg_mad": 8.138760339300289,
  "summary_bg_mean": 16.926316976724546,
  "summary_bg_median": 8.216783124953508,
  "summary_bg_n": 1274639.0,
  "summary_bg_p05": 1.3636363483965397,
  "summary_bg_p95": 58.11188746243715,
  "summary_bg_stdv": 18.76570946606,
  "summary_csf_k": 0.31109628859785543,
  "summary_csf_mad": 96.31730388802508,
  "summary_csf_mean": 445.4755374077159,
  "summary_csf_median": 424.755240008235,
  "summary_csf_n": 30454.0,
  "summary_csf_p05": 306.77097559254616,
  "summary_csf_p95": 642.2027900256217,
  "summary_csf_stdv": 104.77852904137414,
  "summary_gm_k": 0.31405859175391315,
  "summary_gm_mad": 42.56001425837922,
  "summary_gm_mean": 799.4767020403551,
  "summary_gm_median": 798.146844226867,
  "summary_gm_n": 55726.0,
  "summary_gm_p05": 728.0506911640987,
  "summary_gm_p95": 876.3636265695095,
  "summary_gm_stdv": 44.891129562180005,
  "summary_wm_k": 0.47131123467626157,
  "summary_wm_mad": 38.153679042834476,
  "summary_wm_mean": 1002.1283224671082,
  "summary_wm_median": 999.9999888241291,
  "summary_wm_n": 305714.0,
  "summary_wm_p05": 940.6293601170182,
  "summary_wm_p95": 1070.4545334912837,
  "summary_wm_stdv": 39.94950029774444,
  "tpm_overlap_csf": 0.17528089880943298,
  "tpm_overlap_gm": 0.4673115015029907,
  "tpm_overlap_wm": 0.5121641159057617,
  "wm2max": 0.5433440355643369
}