{
  "bids_meta": {
    "AcquisitionNumber": 1,
    "AcquisitionTime": "12:56:52.000000",
    "ConversionSoftware": "dcm2niix",
    "ConversionSoftwareVersion": "v1.0.20170624 (OpenJPEG build) MSC1900",
    "DeviceSerialNumber": "000000475290MR01",
    "EchoTime": 0.002816,
    "FlipAngle": 9,
    "ImageType": [
      "ORIGINAL",
      "PRIMARY",
      "OTHER"
    ],
    "InstitutionName": "HFR_Hopital_Cantonal_Fribourg",
    "InversionTime": 0.9,
    "MagneticFieldStrength": 3,
    "Manufacturer": "GE",
    "ManufacturersModelName": "DISCOVERY_MR750",
    "PhaseEncodingLines": 256,
    "ProtocolName": "COR_FSPGR_BRAVO",
    "RepetitionTime": 0.007312,
    "ScanningSequence": "GR",
    "SequenceVariant": "SS_SK",
    "SeriesDescription": "COR_FSPGR_BRAVO",
    "SoftwareVersions": "25_LX_MR_Software_release:DV25.0_R01_1451.a",
    "dataset": "<unset>",
    "modality": "T1w",
    "subject_id": "06"
  },
  "cjv": 0.48365421096462696,
  "cnr": 2.6698183687154575,
  "efc": 0.7127124128398258,
  "fber": 6333.022870158239,
  "fwhm_avg": 3.916844975793934,
  "fwhm_x": 3.866278914574002,
  "fwhm_y": 4.076192133716039,
  "fwhm_z": 3.8080638790917596,
  "icvs_csf": 0.16585399931115583,
  "icvs_gm": 0.4635902527243839,
  "icvs_wm": 0.3705557479644602,
  "inu_med": 1.1207315921783447,
  "inu_range": 0.22549644708633432,
  "provenance": {
    "md5sum": "429804b9efaf2e7bf67a281a8f1104aa",
    "settings": {
      "testing": false
    },
    "software": "mriqc",
    "version": "0.16.1",
    "warnings": {
      "large_rot_frame": true,
      "small_air_mask": false
    },
    "webapi_port": null,
    "webapi_url": "https://mriqc.nimh.nih.gov/api/v1"
  },
  "qi_1": 0.0,
  "qi_2": 0.0034431381327830316,
  "rpve_csf": 37.584681235076985,
  "rpve_gm": 15.682911513412348,
  "rpve_wm": 22.025946245280107,
  "size_x": 256,
  "size_y": 276,
  "size_z": 256,
  "snr_csf": 3.6231989185250884,
  "snr_gm": 15.852151644067334,
  "snr_total": 13.766380815661469,
  "snr_wm": 21.82379188439198,
  "snrd_csf": 35.73253469861732,
  "snrd_gm": 68.7964130870429,
  "snrd_total": 63.19817921102066,
  "snrd_wm": 85.06558984740178,
  "spacing_x": 0.8593999743461609,
  "spacing_y": 0.9995333552360535,
  "spacing_z": 0.8593999743461609,
  "summary_bg_k": 1.8477115441025544,
  "summary_bg_mad": 7.7015441538564415,
  "summary_bg_mean": 18.3931003723451,
  "summary_bg_median": 8.534006401896477,
  "summary_bg_n": 1262413.0,
  "summary_bg_p05": 1.6696969047188759,
  "summary_bg_p95": 64.78423990309238,
  "summary_bg_stdv": 20.71907352104066,
  "summary_csf_k": 7.525058750889496,
  "summary_csf_mad": 87.1374709979186,
  "summary_csf_mean": 444.1002270439545,
  "summary_csf_median": 420.05863685160875,
  "summary_csf_n": 25961.0,
  "summary_csf_p05": 304.4785066694021,
  "summary_csf_p95": 662.0162705332041,
  "summary_csf_stdv": 115.93361447532789,
  "summary_gm_k": 0.04546591089145613,
  "summary_gm_mad": 50.252575603913286,
  "summary_gm_mean": 810.2565725029167,
  "summary_gm_median": 808.7455240823328,
  "summary_gm_n": 61414.0,
  "summary_gm_p05": 728.5685339365155,
  "summary_gm_p95": 896.9611772149801,
  "summary_gm_stdv": 51.01761311903169,
  "summary_wm_k": 1.0444899527613893,
  "summary_wm_mad": 42.248470786869625,
  "summary_wm_mean": 1001.8828855902713,
  "summary_wm_median": 1000.000028423965,
  "summary_wm_n": 280874.0,
  "summary_wm_p05": 930.6890546903014,
  "summary_wm_p95": 1078.4386785700917,
  "summary_wm_stdv": 45.82147106066667,
  "tpm_overlap_csf": 0.16311578452587128,
  "tpm_overlap_gm": 0.4690232574939728,
  "tpm_overlap_wm": 0.5135589838027954,
  "wm2max": 0.5636747679620315
}