{
  "bids_meta": {
    "AcquisitionNumber": 1,
    "AcquisitionTime": "12:16:49.000000",
    "ConversionSoftware": "dcm2niix",
    "ConversionSoftwareVersion": "v1.0.20170624 (OpenJPEG build) MSC1900",
    "DeviceSerialNumber": "000000475290MR01",
    "EchoTime": 0.002804,
    "FlipAngle": 9,
    "ImageType": [
      "ORIGINAL",
      "PRIMARY",
      "OTHER"
    ],
    "InstitutionName": "HFR_Hopital_Cantonal_Fribourg",
    "InversionTime": 0.9,
    "MagneticFieldStrength": 3,
    "Manufacturer": "GE",
    "ManufacturersModelName": "DISCOVERY_MR750",
    "PhaseEncodingLines": 256,
    "ProtocolName": "COR_FSPGR_BRAVO",
    "RepetitionTime": 0.007264,
    "ScanningSequence": "GR",
    "SequenceVariant": "SS_SK",
    "SeriesDescription": "COR_FSPGR_BRAVO",
    "SoftwareVersions": "25_LX_MR_Software_release:DV25.0_R01_1451.a",
    "dataset": "<unset>",
    "modality": "T1w",
    "subject_id": "05"
  },
  "cjv": 0.4688399347055863,
  "cnr": 2.7697390660042975,
  "efc": 0.7106353141231698,
  "fber": 5401.012697117075,
  "fwhm_avg": 3.9227062429409494,
  "fwhm_x": 3.84669548368921,
  "fwhm_y": 4.11186995478029,
  "fwhm_z": 3.8095532903533478,
  "icvs_csf": 0.17791053712662078,
  "icvs_gm": 0.4639030080762067,
  "icvs_wm": 0.35818645479717254,
  "inu_med": 1.1318974494934082,
  "inu_range": 0.22047376632690407,
  "provenance": {
    "md5sum": "fb6bf209d1b291c9f36ebcefc4721f4c",
    "settings": {
      "testing": false
    },
    "software": "mriqc",
    "version": "0.16.1",
    "warnings": {
      "large_rot_frame": true,
      "small_air_mask": false
    },
    "webapi_port": null,
    "webapi_url": "https://mriqc.nimh.nih.gov/api/v1"
  },
  "qi_1": 0.0,
  "qi_2": 0.0037611921163009476,
  "rpve_csf": 37.83387642693464,
  "rpve_gm": 16.75761315100095,
  "rpve_wm": 24.175412567865397,
  "size_x": 256,
  "size_y": 276,
  "size_z": 256,
  "snr_csf": 3.7575462621083555,
  "snr_gm": 17.37884548598198,
  "snr_total": 14.112587963493171,
  "snr_wm": 21.20137214238918,
  "snrd_csf": 33.96444153022913,
  "snrd_gm": 65.58024586321554,
  "snrd_total": 60.25142211929972,
  "snrd_wm": 81.20957896445448,
  "spacing_x": 0.8593999743461609,
  "spacing_y": 0.999511182308197,
  "spacing_z": 0.8593999743461609,
  "summary_bg_k": 2.1025090801160244,
  "summary_bg_mad": 8.067230381335051,
  "summary_bg_mean": 18.89728518811506,
  "summary_bg_median": 9.019081763923168,
  "summary_bg_n": 1062361.0,
  "summary_bg_p05": 1.7889087796211243,
  "summary_bg_p95": 65.40697725489736,
  "summary_bg_stdv": 21.080781966396124,
  "summary_csf_k": 5.589614140132895,
  "summary_csf_mad": 96.41997955773742,
  "summary_csf_mean": 441.6908406521059,
  "summary_csf_median": 418.23196510225534,
  "summary_csf_n": 25993.0,
  "summary_csf_p05": 306.5220656014979,
  "summary_csf_p95": 655.1282102435827,
  "summary_csf_stdv": 111.30240075921785,
  "summary_gm_k": 0.05545639766294208,
  "summary_gm_mad": 46.082672178311185,
  "summary_gm_mean": 808.4337841750539,
  "summary_gm_median": 807.5432382673025,
  "summary_gm_n": 53875.0,
  "summary_gm_p05": 733.5271375104785,
  "summary_gm_p95": 886.4415692351758,
  "summary_gm_stdv": 46.46659320856929,
  "summary_wm_k": 0.5485581283178353,
  "summary_wm_mad": 44.14874708689525,
  "summary_wm_mean": 1003.3136603705366,
  "summary_wm_median": 1000.0000078082085,
  "summary_wm_n": 253068.0,
  "summary_wm_p05": 931.3506333902478,
  "summary_wm_p95": 1085.457670968026,
  "summary_wm_stdv": 47.16666569204418,
  "tpm_overlap_csf": 0.17190133035182953,
  "tpm_overlap_gm": 0.46686574816703796,
  "tpm_overlap_wm": 0.5144623517990112,
  "wm2max": 0.5397272398117231
}