{
  "bids_meta": {
    "AcquisitionNumber": 1,
    "AcquisitionTime": "10:47:33.000000",
    "ConversionSoftware": "dcm2niix",
    "ConversionSoftwareVersion": "v1.0.20170624 (OpenJPEG build) MSC1900",
    "DeviceSerialNumber": "000000475290MR01",
    "EchoTime": 0.002792,
    "FlipAngle": 9,
    "ImageType": [
      "ORIGINAL",
      "PRIMARY",
      "OTHER"
    ],
    "InstitutionName": "HFR_Hopital_Cantonal_Fribourg",
    "InversionTime": 0.9,
    "MagneticFieldStrength": 3,
    "Manufacturer": "GE",
    "ManufacturersModelName": "DISCOVERY_MR750",
    "PhaseEncodingLines": 256,
    "ProtocolName": "COR_FSPGR_BRAVO",
    "RepetitionTime": 0.007248,
    "ScanningSequence": "GR",
    "SequenceVariant": "SS_SK",
    "SeriesDescription": "COR_FSPGR_BRAVO",
    "SoftwareVersions": "25_LX_MR_Software_release:DV25.0_R01_1451.a",
    "dataset": "<unset>",
    "modality": "T1w",
    "subject_id": "18"
  },
  "cjv": 0.46651138194669545,
  "cnr": 2.759725285034169,
  "efc": 0.7133468771221573,
  "fber": 5328.023456113466,
  "fwhm_avg": 3.9517804001895396,
  "fwhm_x": 3.7533047431774214,
  "fwhm_y": 4.279986075671083,
  "fwhm_z": 3.8220503817201137,
  "icvs_csf": 0.19961617825431166,
  "icvs_gm": 0.4301031552483853,
  "icvs_wm": 0.37028066649730296,
  "inu_med": 1.168982744216919,
  "inu_range": 0.20111508369445752,
  "provenance": {
    "md5sum": "7592b9ed2c7f66afadc152bb24b2365b",
    "settings": {
      "testing": false
    },
    "software": "mriqc",
    "version": "0.16.1",
    "warnings": {
      "large_rot_frame": true,
      "small_air_mask": false
    },
    "webapi_port": null,
    "webapi_url": "https://mriqc.nimh.nih.gov/api/v1"
  },
  "qi_1": 0.0,
  "qi_2": 0.0039455754787856585,
  "rpve_csf": 35.28998838869624,
  "rpve_gm": 17.462267217622788,
  "rpve_wm": 23.420915194415322,
  "size_x": 256,
  "size_y": 276,
  "size_z": 256,
  "snr_csf": 4.464019305095884,
  "snr_gm": 17.04071723254799,
  "snr_total": 14.105870605105345,
  "snr_wm": 20.81287527767216,
  "snrd_csf": 20.332062838584196,
  "snrd_gm": 39.63306587666064,
  "snrd_total": 36.5098820894083,
  "snrd_wm": 49.56451755298007,
  "spacing_x": 0.8593999743461609,
  "spacing_y": 0.9999495148658752,
  "spacing_z": 0.8593999743461609,
  "summary_bg_k": 1.3140396765596432,
  "summary_bg_mad": 13.217608484134178,
  "summary_bg_mean": 25.052444022976225,
  "summary_bg_median": 11.996918734163046,
  "summary_bg_n": 1467371.0,
  "summary_bg_p05": 1.5408886447548866,
  "summary_bg_p95": 82.21741554513574,
  "summary_bg_stdv": 27.59245899783288,
  "summary_csf_k": 0.48780790362026094,
  "summary_csf_mad": 88.87889820195575,
  "summary_csf_mean": 421.4532479131032,
  "summary_csf_median": 410.2065699286759,
  "summary_csf_n": 37967.0,
  "summary_csf_p05": 292.4753399044275,
  "summary_csf_p95": 591.7746152356267,
  "summary_csf_stdv": 91.8905452041024,
  "summary_gm_k": 0.15016196741387366,
  "summary_gm_mad": 46.288826419745625,
  "summary_gm_mean": 799.2095238238368,
  "summary_gm_median": 799.6111431531608,
  "summary_gm_n": 27609.0,
  "summary_gm_p05": 721.0625100955367,
  "summary_gm_p95": 875.063323791325,
  "summary_gm_stdv": 46.922711710029354,
  "summary_wm_k": 0.28584824590149616,
  "summary_wm_mad": 47.1863183538535,
  "summary_wm_mean": 1001.3564332937516,
  "summary_wm_median": 999.9816987086087,
  "summary_wm_n": 258896.0,
  "summary_wm_p05": 924.6799381524324,
  "summary_wm_p95": 1081.6671407930553,
  "summary_wm_stdv": 48.04620957573473,
  "tpm_overlap_csf": 0.1835034340620041,
  "tpm_overlap_gm": 0.45639851689338684,
  "tpm_overlap_wm": 0.5185627937316895,
  "wm2max": 0.5594634536833679
}