{
  "bids_meta": {
    "AcquisitionNumber": 1,
    "AcquisitionTime": "20:59:14.000000",
    "ConversionSoftware": "dcm2niix",
    "ConversionSoftwareVersion": "v1.0.20170624 (OpenJPEG build) MSC1900",
    "DeviceSerialNumber": "000000475290MR01",
    "EchoTime": 0.002816,
    "FlipAngle": 9,
    "ImageType": [
      "ORIGINAL",
      "PRIMARY",
      "OTHER"
    ],
    "InstitutionName": "HFR_Hopital_Cantonal_Fribourg",
    "InversionTime": 0.9,
    "MagneticFieldStrength": 3,
    "Manufacturer": "GE",
    "ManufacturersModelName": "DISCOVERY_MR750",
    "PhaseEncodingLines": 256,
    "ProtocolName": "COR_FSPGR_BRAVO",
    "RepetitionTime": 0.007332,
    "ScanningSequence": "GR",
    "SequenceVariant": "SS_SK",
    "SeriesDescription": "COR_FSPGR_BRAVO",
    "SoftwareVersions": "25_LX_MR_Software_release:DV25.0_R01_1451.a",
    "dataset": "<unset>",
    "modality": "T1w",
    "subject_id": "13"
  },
  "cjv": 0.4250293037874407,
  "cnr": 3.01374754900378,
  "efc": 0.7087317188290622,
  "fber": 7227.764492035164,
  "fwhm_avg": 3.7529562418454216,
  "fwhm_x": 3.649290311401334,
  "fwhm_y": 3.9552264316492924,
  "fwhm_z": 3.6543519824856388,
  "icvs_csf": 0.17430874804109303,
  "icvs_gm": 0.45705953747841693,
  "icvs_wm": 0.36863171448049004,
  "inu_med": 1.1415026187896729,
  "inu_range": 0.20754783153533918,
  "provenance": {
    "md5sum": "53e97b134a1e56e060d7dbd393498370",
    "settings": {
      "testing": false
    },
    "software": "mriqc",
    "version": "0.16.1",
    "warnings": {
      "large_rot_frame": true,
      "small_air_mask": false
    },
    "webapi_port": null,
    "webapi_url": "https://mriqc.nimh.nih.gov/api/v1"
  },
  "qi_1": 0.0,
  "qi_2": 0.004757156074365768,
  "rpve_csf": 34.71372821492675,
  "rpve_gm": 15.25461003317995,
  "rpve_wm": 21.35558771185736,
  "size_x": 256,
  "size_y": 276,
  "size_z": 256,
  "snr_csf": 3.391684721140978,
  "snr_gm": 17.247255289918023,
  "snr_total": 13.98539747114468,
  "snr_wm": 21.317252402375033,
  "snrd_csf": 39.18302558298107,
  "snrd_gm": 85.29163441877192,
  "snrd_total": 77.26891543698393,
  "snrd_wm": 107.33208630919877,
  "spacing_x": 0.8593999743461609,
  "spacing_y": 1.0000666379928589,
  "spacing_z": 0.8593999743461609,
  "summary_bg_k": 2.2322316585470547,
  "summary_bg_mad": 6.103825937719288,
  "summary_bg_mean": 15.027633036437827,
  "summary_bg_median": 6.8487879410386086,
  "summary_bg_n": 1218591.0,
  "summary_bg_p05": 1.346671786159277,
  "summary_bg_p95": 56.17545165121555,
  "summary_bg_stdv": 17.869580184051383,
  "summary_csf_k": 17.687910250136134,
  "summary_csf_mad": 71.87682879931124,
  "summary_csf_mean": 392.4014235225314,
  "summary_csf_median": 365.0634830594063,
  "summary_csf_n": 30738.0,
  "summary_csf_p05": 277.0623294675723,
  "summary_csf_p95": 609.0092294884845,
  "summary_csf_stdv": 107.63310116257426,
  "summary_gm_k": 0.5652380687466141,
  "summary_gm_mad": 42.954961972921716,
  "summary_gm_mean": 796.6713788768764,
  "summary_gm_median": 794.6517828442156,
  "summary_gm_n": 46501.0,
  "summary_gm_p05": 724.6633263006806,
  "summary_gm_p95": 876.5679037794471,
  "summary_gm_stdv": 46.073605624873935,
  "summary_wm_k": 0.5291142572605803,
  "summary_wm_mad": 44.32404442624193,
  "summary_wm_mean": 1001.9022854174767,
  "summary_wm_median": 999.9999920651317,
  "summary_wm_n": 278456.0,
  "summary_wm_p05": 927.7414316534996,
  "summary_wm_p95": 1081.8391603268683,
  "summary_wm_stdv": 46.91027612621859,
  "tpm_overlap_csf": 0.16584110260009766,
  "tpm_overlap_gm": 0.44904011487960815,
  "tpm_overlap_wm": 0.4848959147930145,
  "wm2max": 0.5239813713433197
}