{
    "InstitutionAddress": "Rue de Faucigny 2, CH-1700 Fribourg, Switzerland",
    "InstitutionName": "University of Fribourg",
    "InstitutionalDepartmentName": "Perceptual Networks, Department of Psychology",
    "PowerLineFrequency": 50,
    "ManufacturersModelName": "ActiveTwo",
    "EEGReference": "CMS/DRL",
    "Manufacturer": "Biosemi",
    "EEGChannelCount": 128,
    "MiscChannelCount": 0,
    "RecordingType": "continuous",
    "SamplingFrequency": 2048,
    "EOGChannelCount": 0,
    "ECGChannelCount": 0,
    "EMGChannelCount": 0,
    "SoftwareFilters": "n/a",
    "TaskName": "motion",
    "PropChanRem": 0.2265625,
    "PropEpoRem": 0.0600000000000001,
    "PropIcaRem": 0.0303030303030303
}