{
  "bids_meta": {
    "AcquisitionNumber": 1,
    "AcquisitionTime": "12:13:13.000000",
    "ConversionSoftware": "dcm2niix",
    "ConversionSoftwareVersion": "v1.0.20170624 (OpenJPEG build) MSC1900",
    "DeviceSerialNumber": "000000475290MR01",
    "EchoTime": 0.002804,
    "FlipAngle": 9,
    "ImageType": [
      "ORIGINAL",
      "PRIMARY",
      "OTHER"
    ],
    "InstitutionName": "HFR_Hopital_Cantonal_Fribourg",
    "InversionTime": 0.9,
    "MagneticFieldStrength": 3,
    "Manufacturer": "GE",
    "ManufacturersModelName": "DISCOVERY_MR750",
    "PhaseEncodingLines": 256,
    "ProtocolName": "COR_FSPGR_BRAVO",
    "RepetitionTime": 0.007276,
    "ScanningSequence": "GR",
    "SequenceVariant": "SS_SK",
    "SeriesDescription": "COR_FSPGR_BRAVO",
    "SoftwareVersions": "25_LX_MR_Software_release:DV25.0_R01_1451.a",
    "dataset": "<unset>",
    "modality": "T1w",
    "subject_id": "20"
  },
  "cjv": 0.419815698202489,
  "cnr": 3.068344103045643,
  "efc": 0.7156405373570204,
  "fber": 5673.99511659808,
  "fwhm_avg": 3.8810696826431847,
  "fwhm_x": 3.8012451681597996,
  "fwhm_y": 4.058393834315837,
  "fwhm_z": 3.783570045453918,
  "icvs_csf": 0.17861693643324092,
  "icvs_gm": 0.45604298218183525,
  "icvs_wm": 0.3653400813849238,
  "inu_med": 1.1328682899475098,
  "inu_range": 0.18901440501213052,
  "provenance": {
    "md5sum": "956d01c7011bcb4d30916c2b0a21b892",
    "settings": {
      "testing": false
    },
    "software": "mriqc",
    "version": "0.16.1",
    "warnings": {
      "large_rot_frame": true,
      "small_air_mask": false
    },
    "webapi_port": null,
    "webapi_url": "https://mriqc.nimh.nih.gov/api/v1"
  },
  "qi_1": 0.0,
  "qi_2": 0.00366851638211805,
  "rpve_csf": 37.81731729311929,
  "rpve_gm": 16.96145135894269,
  "rpve_wm": 24.173842349969092,
  "size_x": 256,
  "size_y": 276,
  "size_z": 256,
  "snr_csf": 3.504191468353681,
  "snr_gm": 16.094922573699805,
  "snr_total": 14.135265990647923,
  "snr_wm": 22.80668392989028,
  "snrd_csf": 34.57567806500162,
  "snrd_gm": 66.8463109256698,
  "snrd_total": 62.055949933545264,
  "snrd_wm": 84.74586080996438,
  "spacing_x": 0.8593999743461609,
  "spacing_y": 0.9999399185180664,
  "spacing_z": 0.8593999743461609,
  "summary_bg_k": 2.274841038681399,
  "summary_bg_mad": 7.73029922571185,
  "summary_bg_mean": 17.75256839383783,
  "summary_bg_median": 8.677042488008738,
  "summary_bg_n": 1073610.0,
  "summary_bg_p05": 1.712062194943428,
  "summary_bg_p95": 63.26848020404577,
  "summary_bg_stdv": 20.350652557891298,
  "summary_csf_k": 4.203548452409715,
  "summary_csf_mad": 106.89734675555266,
  "summary_csf_mean": 433.16808565264546,
  "summary_csf_median": 407.9766389541328,
  "summary_csf_n": 22501.0,
  "summary_csf_p05": 286.61477563530207,
  "summary_csf_p95": 644.8637899272144,
  "summary_csf_stdv": 116.42274025068134,
  "summary_gm_k": 0.05070980686239368,
  "summary_gm_mad": 48.343214560795,
  "summary_gm_mean": 789.2524584002591,
  "summary_gm_median": 788.7548353113234,
  "summary_gm_n": 45408.0,
  "summary_gm_p05": 709.2217642553151,
  "summary_gm_p95": 871.5174782350659,
  "summary_gm_stdv": 49.00589900044255,
  "summary_wm_k": 0.8246423557107652,
  "summary_wm_mad": 40.32447133412375,
  "summary_wm_mean": 1001.6042469475394,
  "summary_wm_median": 999.9610533602536,
  "summary_wm_n": 259257.0,
  "summary_wm_p05": 932.9182542264462,
  "summary_wm_p95": 1076.116692631691,
  "summary_wm_stdv": 43.845002978917584,
  "tpm_overlap_csf": 0.17499427497386932,
  "tpm_overlap_gm": 0.462443470954895,
  "tpm_overlap_wm": 0.5077433586120605,
  "wm2max": 0.5724241317789123
}