{
  "bids_meta": {
    "AcquisitionNumber": 1,
    "AcquisitionTime": "14:14:11.000000",
    "ConversionSoftware": "dcm2niix",
    "ConversionSoftwareVersion": "v1.0.20170624 (OpenJPEG build) MSC1900",
    "DeviceSerialNumber": "000000475290MR01",
    "EchoTime": 0.002816,
    "FlipAngle": 9,
    "ImageType": [
      "ORIGINAL",
      "PRIMARY",
      "OTHER"
    ],
    "InstitutionName": "HFR_Hopital_Cantonal_Fribourg",
    "InversionTime": 0.9,
    "MagneticFieldStrength": 3,
    "Manufacturer": "GE",
    "ManufacturersModelName": "DISCOVERY_MR750",
    "PhaseEncodingLines": 256,
    "ProtocolName": "COR_FSPGR_BRAVO",
    "RepetitionTime": 0.007304,
    "ScanningSequence": "GR",
    "SequenceVariant": "SS_SK",
    "SeriesDescription": "COR_FSPGR_BRAVO",
    "SoftwareVersions": "25_LX_MR_Software_release:DV25.0_R01_1451.a",
    "dataset": "<unset>",
    "modality": "T1w",
    "subject_id": "08"
  },
  "cjv": 0.4642522769012371,
  "cnr": 2.7579653937757547,
  "efc": 0.7268253500458614,
  "fber": 4905.835069444444,
  "fwhm_avg": 3.865291196834883,
  "fwhm_x": 3.7484408845262966,
  "fwhm_y": 4.089205924022399,
  "fwhm_z": 3.758226781955952,
  "icvs_csf": 0.19227621635537728,
  "icvs_gm": 0.4471972844961112,
  "icvs_wm": 0.36052649914851154,
  "inu_med": 1.154723048210144,
  "inu_range": 0.19385777115821834,
  "provenance": {
    "md5sum": "4bb88590638151c8c20d3b1268ef2241",
    "settings": {
      "testing": false
    },
    "software": "mriqc",
    "version": "0.16.1",
    "warnings": {
      "large_rot_frame": true,
      "small_air_mask": false
    },
    "webapi_port": null,
    "webapi_url": "https://mriqc.nimh.nih.gov/api/v1"
  },
  "qi_1": 0.0,
  "qi_2": 0.0031794694568957624,
  "rpve_csf": 31.8045577251708,
  "rpve_gm": 15.261579348297643,
  "rpve_wm": 21.76588653864545,
  "size_x": 256,
  "size_y": 276,
  "size_z": 256,
  "snr_csf": 3.7929158072605884,
  "snr_gm": 16.151336012893044,
  "snr_total": 14.255750734654475,
  "snr_wm": 22.823000383809795,
  "snrd_csf": 29.64545429040995,
  "snrd_gm": 54.766354311632924,
  "snrd_total": 50.761848171448754,
  "snrd_wm": 67.87373591230342,
  "spacing_x": 0.8593999743461609,
  "spacing_y": 0.9995021224021912,
  "spacing_z": 0.8593999743461609,
  "summary_bg_k": 2.0544261434910727,
  "summary_bg_mad": 9.65228077761253,
  "summary_bg_mean": 19.573549190516587,
  "summary_bg_median": 9.785517118871212,
  "summary_bg_n": 1195851.0,
  "summary_bg_p05": 1.6375763341784477,
  "summary_bg_p95": 67.30039324611425,
  "summary_bg_stdv": 22.076053976321614,
  "summary_csf_k": 2.2856819916025852,
  "summary_csf_mad": 113.25145390910407,
  "summary_csf_mean": 456.37443980914225,
  "summary_csf_median": 436.7735610343516,
  "summary_csf_n": 29472.0,
  "summary_csf_p05": 301.6335725784302,
  "summary_csf_p95": 659.6417089831083,
  "summary_csf_stdv": 115.15313631810807,
  "summary_gm_k": 0.14740447516906308,
  "summary_gm_mad": 48.55748612050475,
  "summary_gm_mean": 808.5611498878906,
  "summary_gm_median": 806.8857830017805,
  "summary_gm_n": 49519.0,
  "summary_gm_p05": 728.6375928483903,
  "summary_gm_p95": 892.7227415330708,
  "summary_gm_stdv": 49.95733077946759,
  "summary_wm_k": 0.5504997159747194,
  "summary_wm_mad": 41.09621386296378,
  "summary_wm_mean": 1002.8880930093293,
  "summary_wm_median": 999.9999677762389,
  "summary_wm_n": 293122.0,
  "summary_wm_p05": 936.3341951742768,
  "summary_wm_p95": 1080.3610308095813,
  "summary_wm_stdv": 43.815372439367415,
  "tpm_overlap_csf": 0.17025843262672424,
  "tpm_overlap_gm": 0.45508408546447754,
  "tpm_overlap_wm": 0.5121139883995056,
  "wm2max": 0.544886722235522
}