{
  "bids_meta": {
    "AcquisitionNumber": 1,
    "AcquisitionTime": "11:30:13.000000",
    "ConversionSoftware": "dcm2niix",
    "ConversionSoftwareVersion": "v1.0.20170624 (OpenJPEG build) MSC1900",
    "DeviceSerialNumber": "000000475290MR01",
    "EchoTime": 0.002804,
    "FlipAngle": 9,
    "ImageType": [
      "ORIGINAL",
      "PRIMARY",
      "OTHER"
    ],
    "InstitutionName": "HFR_Hopital_Cantonal_Fribourg",
    "InversionTime": 0.9,
    "MagneticFieldStrength": 3,
    "Manufacturer": "GE",
    "ManufacturersModelName": "DISCOVERY_MR750",
    "PhaseEncodingLines": 256,
    "ProtocolName": "COR_FSPGR_BRAVO",
    "RepetitionTime": 0.007276,
    "ScanningSequence": "GR",
    "SequenceVariant": "SS_SK",
    "SeriesDescription": "COR_FSPGR_BRAVO",
    "SoftwareVersions": "25_LX_MR_Software_release:DV25.0_R01_1451.a",
    "dataset": "<unset>",
    "modality": "T1w",
    "subject_id": "19"
  },
  "cjv": 0.476695781801312,
  "cnr": 2.661911119913737,
  "efc": 0.7339760235836463,
  "fber": 5552.7843028367815,
  "fwhm_avg": 4.068212646222301,
  "fwhm_x": 4.037351761198013,
  "fwhm_y": 4.102950473180068,
  "fwhm_z": 4.064335704288823,
  "icvs_csf": 0.16692373170991184,
  "icvs_gm": 0.4528789990777624,
  "icvs_wm": 0.3801972692123257,
  "inu_med": 1.1300361156463623,
  "inu_range": 0.23448185920715314,
  "provenance": {
    "md5sum": "a6c9f6347526e47975385a800467e38f",
    "settings": {
      "testing": false
    },
    "software": "mriqc",
    "version": "0.16.1",
    "warnings": {
      "large_rot_frame": true,
      "small_air_mask": false
    },
    "webapi_port": null,
    "webapi_url": "https://mriqc.nimh.nih.gov/api/v1"
  },
  "qi_1": 0.0,
  "qi_2": 0.00415525827601978,
  "rpve_csf": 32.17578014501835,
  "rpve_gm": 13.77936968060873,
  "rpve_wm": 18.793216089866196,
  "size_x": 256,
  "size_y": 276,
  "size_z": 256,
  "snr_csf": 3.1875291873294582,
  "snr_gm": 17.05042021653217,
  "snr_total": 13.670016114253855,
  "snr_wm": 20.77209893889993,
  "snrd_csf": 35.951042596984784,
  "snrd_gm": 73.33904748955182,
  "snrd_total": 66.6219796070727,
  "snrd_wm": 90.5758487346815,
  "spacing_x": 0.8593999743461609,
  "spacing_y": 1.0005360841751099,
  "spacing_z": 0.8593999743461609,
  "summary_bg_k": 1.1987957292107678,
  "summary_bg_mad": 7.233013602561365,
  "summary_bg_mean": 20.121362524423045,
  "summary_bg_median": 8.044093161821365,
  "summary_bg_n": 1274933.0,
  "summary_bg_p05": 1.6013703979551792,
  "summary_bg_p95": 69.52926820889115,
  "summary_bg_stdv": 23.19986392905732,
  "summary_csf_k": 6.843475758262704,
  "summary_csf_mad": 102.53210885462943,
  "summary_csf_mean": 423.414895610718,
  "summary_csf_median": 396.91641166061163,
  "summary_csf_n": 27555.0,
  "summary_csf_p05": 275.13777907192707,
  "summary_csf_p95": 646.8344690233467,
  "summary_csf_stdv": 124.51939606246718,
  "summary_gm_k": 0.148856649138303,
  "summary_gm_mad": 46.21398767438063,
  "summary_gm_mean": 810.9718016817524,
  "summary_gm_median": 809.6975626125932,
  "summary_gm_n": 66267.0,
  "summary_gm_p05": 734.9657026689499,
  "summary_gm_p95": 891.1328335244207,
  "summary_gm_stdv": 47.488064396626854,
  "summary_wm_k": 0.9370928937904326,
  "summary_wm_mad": 44.50235850125542,
  "summary_wm_mean": 1001.7883296928221,
  "summary_wm_median": 999.9999517649412,
  "summary_wm_n": 345668.0,
  "summary_wm_p05": 926.1134664267302,
  "summary_wm_p95": 1082.3401831574738,
  "summary_wm_stdv": 48.141427991016094,
  "tpm_overlap_csf": 0.16558820009231567,
  "tpm_overlap_gm": 0.44858986139297485,
  "tpm_overlap_wm": 0.49520209431648254,
  "wm2max": 0.5477875925661478
}