{
  "bids_meta": {
    "AcquisitionNumber": 1,
    "AcquisitionTime": "19:05:2.000000",
    "ConversionSoftware": "dcm2niix",
    "ConversionSoftwareVersion": "v1.0.20170624 (OpenJPEG build) MSC1900",
    "DeviceSerialNumber": "000000475290MR01",
    "EchoTime": 0.002804,
    "FlipAngle": 9,
    "ImageType": [
      "ORIGINAL",
      "PRIMARY",
      "OTHER"
    ],
    "InstitutionName": "HFR_Hopital_Cantonal_Fribourg",
    "InversionTime": 0.9,
    "MagneticFieldStrength": 3,
    "Manufacturer": "GE",
    "ManufacturersModelName": "DISCOVERY_MR750",
    "PhaseEncodingLines": 256,
    "ProtocolName": "COR_FSPGR_BRAVO",
    "RepetitionTime": 0.007292,
    "ScanningSequence": "GR",
    "SequenceVariant": "SS_SK",
    "SeriesDescription": "COR_FSPGR_BRAVO",
    "SoftwareVersions": "25_LX_MR_Software_release:DV25.0_R01_1451.a",
    "dataset": "<unset>",
    "modality": "T1w",
    "subject_id": "10"
  },
  "cjv": 0.4708555010806308,
  "cnr": 2.7701414787996894,
  "efc": 0.7164311909277055,
  "fber": 4959.426745020193,
  "fwhm_avg": 3.863982455399499,
  "fwhm_x": 3.7933675789090544,
  "fwhm_y": 4.0240742056853485,
  "fwhm_z": 3.7745055816040947,
  "icvs_csf": 0.17982477033984678,
  "icvs_gm": 0.4644966020352324,
  "icvs_wm": 0.3556786276249208,
  "inu_med": 1.1190500259399414,
  "inu_range": 0.21397570371627816,
  "provenance": {
    "md5sum": "37721a18701c4ee260187494cd9ab186",
    "settings": {
      "testing": false
    },
    "software": "mriqc",
    "version": "0.16.1",
    "warnings": {
      "large_rot_frame": true,
      "small_air_mask": false
    },
    "webapi_port": null,
    "webapi_url": "https://mriqc.nimh.nih.gov/api/v1"
  },
  "qi_1": 0.0,
  "qi_2": 0.00636422121164184,
  "rpve_csf": 41.62557153622465,
  "rpve_gm": 18.307572652804676,
  "rpve_wm": 26.45811822035705,
  "size_x": 256,
  "size_y": 276,
  "size_z": 256,
  "snr_csf": 4.13629286657531,
  "snr_gm": 17.098826155786554,
  "snr_total": 13.947227365212783,
  "snr_wm": 20.606563073276487,
  "snrd_csf": 24.906314862057364,
  "snrd_gm": 47.929265289622755,
  "snrd_total": 44.19042222661647,
  "snrd_wm": 59.73568652816928,
  "spacing_x": 0.8593999743461609,
  "spacing_y": 1.0000511407852173,
  "spacing_z": 0.8593999743461609,
  "summary_bg_k": 0.355522994190808,
  "summary_bg_mad": 10.967252558789076,
  "summary_bg_mean": 22.293477376337176,
  "summary_bg_median": 11.095949158072472,
  "summary_bg_n": 1061023.0,
  "summary_bg_p05": 1.8672794699668884,
  "summary_bg_p95": 70.27434466779232,
  "summary_bg_stdv": 23.102234333763633,
  "summary_csf_k": 0.5270938198658444,
  "summary_csf_mad": 92.31658221815658,
  "summary_csf_mean": 434.9417991293299,
  "summary_csf_median": 416.9419601112604,
  "summary_csf_n": 24240.0,
  "summary_csf_p05": 300.02153791487217,
  "summary_csf_p95": 625.7199640028178,
  "summary_csf_stdv": 100.79880056457601,
  "summary_gm_k": 0.1526132499782773,
  "summary_gm_mad": 45.67913929825741,
  "summary_gm_mean": 803.2764395031177,
  "summary_gm_median": 802.3556245565414,
  "summary_gm_n": 38413.0,
  "summary_gm_p05": 727.6644457578659,
  "summary_gm_p95": 882.3757316887379,
  "summary_gm_stdv": 46.923991938115755,
  "summary_wm_k": 0.10183833387320052,
  "summary_wm_mad": 47.3827901811761,
  "summary_wm_mean": 1002.9308189552219,
  "summary_wm_median": 999.9999746084213,
  "summary_wm_n": 219207.0,
  "summary_wm_p05": 928.1815334558487,
  "summary_wm_p95": 1088.4443848878145,
  "summary_wm_stdv": 48.52811650835954,
  "tpm_overlap_csf": 0.18050517141819,
  "tpm_overlap_gm": 0.47396552562713623,
  "tpm_overlap_wm": 0.5201947093009949,
  "wm2max": 0.5582999198075381
}