{
  "bids_meta": {
    "AcquisitionNumber": 1,
    "AcquisitionTime": "10:22:46.000000",
    "ConversionSoftware": "dcm2niix",
    "ConversionSoftwareVersion": "v1.0.20170624 (OpenJPEG build) MSC1900",
    "DeviceSerialNumber": "000000475290MR01",
    "EchoTime": 0.002792,
    "FlipAngle": 9,
    "ImageType": [
      "ORIGINAL",
      "PRIMARY",
      "OTHER"
    ],
    "InstitutionName": "HFR_Hopital_Cantonal_Fribourg",
    "InversionTime": 0.9,
    "MagneticFieldStrength": 3,
    "Manufacturer": "GE",
    "ManufacturersModelName": "DISCOVERY_MR750",
    "PhaseEncodingLines": 256,
    "ProtocolName": "COR_FSPGR_BRAVO",
    "RepetitionTime": 0.007244,
    "ScanningSequence": "GR",
    "SequenceVariant": "SS_SK",
    "SeriesDescription": "COR_FSPGR_BRAVO",
    "SoftwareVersions": "25_LX_MR_Software_release:DV25.0_R01_1451.a",
    "dataset": "<unset>",
    "modality": "T1w",
    "subject_id": "03"
  },
  "cjv": 0.48297544605948356,
  "cnr": 2.614041848875088,
  "efc": 0.7155239879250825,
  "fber": 3593.8404747991235,
  "fwhm_avg": 3.5394092271158386,
  "fwhm_x": 3.448184883010449,
  "fwhm_y": 3.673870946242314,
  "fwhm_z": 3.4961718520947525,
  "icvs_csf": 0.16430056980545926,
  "icvs_gm": 0.4509647915443873,
  "icvs_wm": 0.38473463865015345,
  "inu_med": 1.1789804697036743,
  "inu_range": 0.2223634958267211,
  "provenance": {
    "md5sum": "cf42bf8b0d39117e81afaeaa18a74dbf",
    "settings": {
      "testing": false
    },
    "software": "mriqc",
    "version": "0.16.1",
    "warnings": {
      "large_rot_frame": true,
      "small_air_mask": false
    },
    "webapi_port": null,
    "webapi_url": "https://mriqc.nimh.nih.gov/api/v1"
  },
  "qi_1": 0.0,
  "qi_2": 0.009199896839582139,
  "rpve_csf": 38.616888968997834,
  "rpve_gm": 16.3020112154301,
  "rpve_wm": 21.662485002385164,
  "size_x": 256,
  "size_y": 276,
  "size_z": 256,
  "snr_csf": 3.071679413913987,
  "snr_gm": 15.42806747297636,
  "snr_total": 13.478302641831062,
  "snr_wm": 21.935161038602836,
  "snrd_csf": 25.249086543309794,
  "snrd_gm": 51.86420853660107,
  "snrd_total": 47.07160184483997,
  "snrd_wm": 64.10151045460904,
  "spacing_x": 0.8593999743461609,
  "spacing_y": 1.000095009803772,
  "spacing_z": 0.8593999743461609,
  "summary_bg_k": 2.7219475118999794,
  "summary_bg_mad": 10.220295086039997,
  "summary_bg_mean": 20.970073765312158,
  "summary_bg_median": 11.489140465855598,
  "summary_bg_n": 1151294.0,
  "summary_bg_p05": 2.2978280931711197,
  "summary_bg_p95": 71.15854740142822,
  "summary_bg_stdv": 22.4701490831355,
  "summary_csf_k": 25.228655859204576,
  "summary_csf_mad": 72.53112641705805,
  "summary_csf_mean": 423.54354750363257,
  "summary_csf_median": 393.8922092616558,
  "summary_csf_n": 27918.0,
  "summary_csf_p05": 301.82527929954233,
  "summary_csf_p95": 626.9049495194106,
  "summary_csf_stdv": 128.23120569333102,
  "summary_gm_k": 0.23056327355627682,
  "summary_gm_mad": 50.606945022810955,
  "summary_gm_mean": 812.0296269576576,
  "summary_gm_median": 809.0949210003018,
  "summary_gm_n": 51406.0,
  "summary_gm_p05": 730.6722718849778,
  "summary_gm_p95": 903.342934563756,
  "summary_gm_stdv": 52.442540371611216,
  "summary_wm_k": 0.8583150272055518,
  "summary_wm_mad": 41.59550204372192,
  "summary_wm_mean": 1001.8013418830938,
  "summary_wm_median": 999.999961450696,
  "summary_wm_n": 275249.0,
  "summary_wm_p05": 929.9680910497905,
  "summary_wm_p95": 1080.090389020741,
  "summary_wm_stdv": 45.58882167093425,
  "tpm_overlap_csf": 0.16376638412475586,
  "tpm_overlap_gm": 0.4491753578186035,
  "tpm_overlap_wm": 0.48980554938316345,
  "wm2max": 0.5408077933084532
}