{
  "bids_meta": {
    "AcquisitionNumber": 1,
    "AcquisitionTime": "18:50:49.000000",
    "ConversionSoftware": "dcm2niix",
    "ConversionSoftwareVersion": "v1.0.20170624 (OpenJPEG build) MSC1900",
    "DeviceSerialNumber": "000000475290MR01",
    "EchoTime": 0.002796,
    "FlipAngle": 9,
    "ImageType": [
      "ORIGINAL",
      "PRIMARY",
      "OTHER"
    ],
    "InstitutionName": "HFR_Hopital_Cantonal_Fribourg",
    "InversionTime": 0.9,
    "MagneticFieldStrength": 3,
    "Manufacturer": "GE",
    "ManufacturersModelName": "DISCOVERY_MR750",
    "PhaseEncodingLines": 256,
    "ProtocolName": "COR_FSPGR_BRAVO",
    "RepetitionTime": 0.007244,
    "ScanningSequence": "GR",
    "SequenceVariant": "SS_SK",
    "SeriesDescription": "COR_FSPGR_BRAVO",
    "SoftwareVersions": "25_LX_MR_Software_release:DV25.0_R01_1451.a",
    "dataset": "<unset>",
    "modality": "T1w",
    "subject_id": "14"
  },
  "cjv": 0.43983606936284575,
  "cnr": 2.8957003929139793,
  "efc": 0.7187276794696645,
  "fber": 4040.835646457268,
  "fwhm_avg": 3.7879253023165425,
  "fwhm_x": 3.8033163806954464,
  "fwhm_y": 3.8971478041480485,
  "fwhm_z": 3.6633117221061315,
  "icvs_csf": 0.18648312442464957,
  "icvs_gm": 0.4484556346134788,
  "icvs_wm": 0.3650612409618716,
  "inu_med": 1.1585655212402344,
  "inu_range": 0.20107415318489053,
  "provenance": {
    "md5sum": "b0f0a7295b0079033139407e84748a4f",
    "settings": {
      "testing": false
    },
    "software": "mriqc",
    "version": "0.16.1",
    "warnings": {
      "large_rot_frame": true,
      "small_air_mask": false
    },
    "webapi_port": null,
    "webapi_url": "https://mriqc.nimh.nih.gov/api/v1"
  },
  "qi_1": 0.0,
  "qi_2": 0.006153183070752282,
  "rpve_csf": 34.38407631136259,
  "rpve_gm": 15.958011353444451,
  "rpve_wm": 22.471026635925696,
  "size_x": 256,
  "size_y": 276,
  "size_z": 256,
  "snr_csf": 3.6875729517370623,
  "snr_gm": 15.169443160838384,
  "snr_total": 13.507013813357963,
  "snr_wm": 21.664025327498436,
  "snrd_csf": 18.68143040367912,
  "snrd_gm": 37.023086405255796,
  "snrd_total": 34.269974820689974,
  "snrd_wm": 47.10540765313501,
  "spacing_x": 0.8593999743461609,
  "spacing_y": 1.0005933046340942,
  "spacing_z": 0.8593999743461609,
  "summary_bg_k": -0.0837253995269629,
  "summary_bg_mad": 13.907880393442547,
  "summary_bg_mean": 25.150536891623297,
  "summary_bg_median": 12.557461559772491,
  "summary_bg_n": 1432874.0,
  "summary_bg_p05": 1.5696826949715614,
  "summary_bg_p95": 75.86799692362547,
  "summary_bg_stdv": 25.463371409901523,
  "summary_csf_k": 0.48868183419762445,
  "summary_csf_mad": 99.82090250512648,
  "summary_csf_mean": 416.5275187529561,
  "summary_csf_median": 396.58780756406486,
  "summary_csf_n": 27482.0,
  "summary_csf_p05": 273.1247889250517,
  "summary_csf_p95": 620.2077941615132,
  "summary_csf_stdv": 107.54515158849651,
  "summary_gm_k": 0.12696579158728838,
  "summary_gm_mad": 50.0905333692114,
  "summary_gm_mean": 787.9877848070856,
  "summary_gm_median": 785.9625494107604,
  "summary_gm_n": 43113.0,
  "summary_gm_p05": 706.2450925447047,
  "summary_gm_p95": 876.8546521291137,
  "summary_gm_stdv": 51.81162062964009,
  "summary_wm_k": 0.5288517139596616,
  "summary_wm_mad": 44.05085622624233,
  "summary_wm_mean": 1001.8326204411866,
  "summary_wm_median": 999.9999968893826,
  "summary_wm_n": 281538.0,
  "summary_wm_p05": 929.657656786032,
  "summary_wm_p95": 1080.2033079229295,
  "summary_wm_stdv": 46.159391240154456,
  "tpm_overlap_csf": 0.16831858456134796,
  "tpm_overlap_gm": 0.4548819959163666,
  "tpm_overlap_wm": 0.502686619758606,
  "wm2max": 0.5303246521584017
}