{
  "bids_meta": {
    "AcquisitionNumber": 1,
    "AcquisitionTime": "19:45:53.000000",
    "ConversionSoftware": "dcm2niix",
    "ConversionSoftwareVersion": "v1.0.20170624 (OpenJPEG build) MSC1900",
    "DeviceSerialNumber": "000000475290MR01",
    "EchoTime": 0.002812,
    "FlipAngle": 9,
    "ImageType": [
      "ORIGINAL",
      "PRIMARY",
      "OTHER"
    ],
    "InstitutionName": "HFR_Hopital_Cantonal_Fribourg",
    "InversionTime": 0.9,
    "MagneticFieldStrength": 3,
    "Manufacturer": "GE",
    "ManufacturersModelName": "DISCOVERY_MR750",
    "PhaseEncodingLines": 256,
    "ProtocolName": "COR_FSPGR_BRAVO",
    "RepetitionTime": 0.0073,
    "ScanningSequence": "GR",
    "SequenceVariant": "SS_SK",
    "SeriesDescription": "COR_FSPGR_BRAVO",
    "SoftwareVersions": "25_LX_MR_Software_release:DV25.0_R01_1451.a",
    "dataset": "<unset>",
    "modality": "T1w",
    "subject_id": "11"
  },
  "cjv": 0.4723704436780066,
  "cnr": 2.7196216631512047,
  "efc": 0.7026178737668087,
  "fber": 4815.134084327637,
  "fwhm_avg": 3.49196041843703,
  "fwhm_x": 3.4276123899597586,
  "fwhm_y": 3.6396115609003834,
  "fwhm_z": 3.408657304450949,
  "icvs_csf": 0.16241923958323862,
  "icvs_gm": 0.45885679645481076,
  "icvs_wm": 0.3787239639619506,
  "inu_med": 1.1523915529251099,
  "inu_range": 0.18073604106903085,
  "provenance": {
    "md5sum": "34b09f294876f94382417cb25f89cae5",
    "settings": {
      "testing": false
    },
    "software": "mriqc",
    "version": "0.16.1",
    "warnings": {
      "large_rot_frame": true,
      "small_air_mask": false
    },
    "webapi_port": null,
    "webapi_url": "https://mriqc.nimh.nih.gov/api/v1"
  },
  "qi_1": 0.0,
  "qi_2": 0.003691795488643583,
  "rpve_csf": 40.354879787644265,
  "rpve_gm": 16.713305972768893,
  "rpve_wm": 22.872313048166145,
  "size_x": 256,
  "size_y": 276,
  "size_z": 256,
  "snr_csf": 3.6650395651193737,
  "snr_gm": 15.283764930430218,
  "snr_total": 14.132374252770033,
  "snr_wm": 23.448318262760505,
  "snrd_csf": 31.484147479790465,
  "snrd_gm": 59.85625470804836,
  "snrd_total": 55.17696763431542,
  "snrd_wm": 74.19050071510743,
  "spacing_x": 0.8593999743461609,
  "spacing_y": 1.0004336833953857,
  "spacing_z": 0.8593999743461609,
  "summary_bg_k": 1.4840470873591123,
  "summary_bg_mad": 8.830782708759932,
  "summary_bg_mean": 19.568801341585626,
  "summary_bg_median": 9.769739523530006,
  "summary_bg_n": 1267141.0,
  "summary_bg_p05": 1.8885741829872131,
  "summary_bg_p95": 67.51652704179287,
  "summary_bg_stdv": 21.019966324777503,
  "summary_csf_k": 5.883942026079307,
  "summary_csf_mad": 102.09246351102946,
  "summary_csf_mean": 445.3893303629409,
  "summary_csf_median": 424.3844101577997,
  "summary_csf_n": 21585.0,
  "summary_csf_p05": 295.8524095118046,
  "summary_csf_p95": 657.3472993761301,
  "summary_csf_stdv": 115.78990402799498,
  "summary_gm_k": 0.15357230721794046,
  "summary_gm_mad": 50.56161563125352,
  "summary_gm_mean": 810.3406457909749,
  "summary_gm_median": 806.8206822127104,
  "summary_gm_n": 55788.0,
  "summary_gm_p05": 729.3655335329473,
  "summary_gm_p95": 904.4091212451458,
  "summary_gm_stdv": 52.78892044739839,
  "summary_wm_k": 0.45538461851219436,
  "summary_wm_mad": 40.70775443794213,
  "summary_wm_mean": 1002.4324750057002,
  "summary_wm_median": 1000.0363486260176,
  "summary_wm_n": 269173.0,
  "summary_wm_p05": 936.8417509645224,
  "summary_wm_p95": 1076.6325592398643,
  "summary_wm_stdv": 42.64845264419443,
  "tpm_overlap_csf": 0.1711929440498352,
  "tpm_overlap_gm": 0.47014695405960083,
  "tpm_overlap_wm": 0.5168647170066833,
  "wm2max": 0.5611943340466727
}